GEM
  remote: https://rubygems.org/
  specs:
    aws-sigv4 (1.0.3)
    vault (0.12.0)
      aws-sigv4

PLATFORMS
  ruby

DEPENDENCIES
  vault (~> 0.12)

BUNDLED WITH
   1.16.4
